PATH
  remote: .
  specs:
    shopify_cli (1.0.5)

GEM
  remote: https://rubygems.org/
  specs:
    rake (13.0.1)

PLATFORMS
  ruby

DEPENDENCIES
  rake
  shopify_cli!

BUNDLED WITH
   1.17.3
