PATH
  remote: .
  specs:
    shopify_cli (1.0.4)
      activemodel (>= 4.2.2)
      activesupport (>= 4.2.2)
      pry (>= 0.9.12.6)
      shopify_api
      thor (~> 0.18.1)

GEM
  remote: https://rubygems.org/
  specs:
    activemodel (5.2.2)
      activesupport (= 5.2.2)
    activemodel-serializers-xml (1.0.2)
      activemodel (> 5.x)
      activesupport (> 5.x)
      builder (~> 3.1)
    activeresource (5.1.0)
      activemodel (>= 5.0, < 7)
      activemodel-serializers-xml (~> 1.0)
      activesupport (>= 5.0, < 7)
    activesupport (5.2.2)
      concurrent-ruby (~> 1.0, >= 1.0.2)
      i18n (>= 0.7, < 2)
      minitest (~> 5.1)
      tzinfo (~> 1.1)
    builder (3.2.3)
    coderay (1.1.2)
    concurrent-ruby (1.1.3)
    fakeweb (1.3.0)
    graphql (1.8.11)
    graphql-client (0.14.0)
      activesupport (>= 3.0, < 6.0)
      graphql (~> 1.6)
    i18n (1.1.1)
      concurrent-ruby (~> 1.0)
    metaclass (0.0.4)
    method_source (0.9.2)
    minitest (5.7.0)
    mocha (1.1.0)
      metaclass (~> 0.0.1)
    pry (0.12.2)
      coderay (~> 1.1.0)
      method_source (~> 0.9.0)
    rack (2.0.6)
    rake (10.4.2)
    shopify_api (5.2.0)
      activeresource (>= 3.0.0)
      graphql-client
      rack
    thor (0.18.1)
    thread_safe (0.3.6)
    tzinfo (1.2.5)
      thread_safe (~> 0.1)

PLATFORMS
  ruby

DEPENDENCIES
  fakeweb
  minitest (~> 5.0)
  mocha (>= 0.9.8)
  rake
  shopify_cli!

BUNDLED WITH
   1.16.3
