PATH
  remote: .
  specs:
    shopify_cli (1.0.5)

GEM
  remote: https://rubygems.org/
  specs:

PLATFORMS
  ruby

DEPENDENCIES
  shopify_cli!

BUNDLED WITH
   1.17.3
